GIT
  remote: https://github.com/crohr/turbo_tests.git
  revision: 3148ae6c34828e969e8005eaa592935bfc1afbf3
  ref: fix/runtime-info
  specs:
    turbo_tests (2.0.0)
      bundler (>= 2.1)
      parallel_tests (>= 3.3.0, < 5)
      rspec (>= 3.10)

GIT
  remote: https://github.com/opf/md-to-pdf
  revision: cc286655dfa2ea2b30bf2a149063f42f7081aa3d
  ref: cc286655dfa2ea2b30bf2a149063f42f7081aa3d
  specs:
    md_to_pdf (0.0.20)
      commonmarker (~> 0.23)
      front_matter_parser (~> 1.0)
      json-schema (~> 4.0)
      matrix (~> 0.4)
      nokogiri (~> 1.15)
      prawn (~> 2.4)
      prawn-table (~> 0.2)
      text-hyphen (~> 1.5)

GIT
  remote: https://github.com/opf/omniauth
  revision: fe862f986b2e846e291784d2caa3d90a658c67f0
  ref: fe862f986b2e846e291784d2caa3d90a658c67f0
  specs:
    omniauth (1.9.0)
      hashie (>= 3.4.6, < 3.7.0)
      rack (>= 1.6.2, < 3)

GIT
  remote: https://github.com/opf/omniauth-openid-connect.git
  revision: efddc061a72791db019259768a4656c0435709e8
  ref: efddc061a72791db019259768a4656c0435709e8
  specs:
    omniauth-openid-connect (0.4.0)
      addressable (~> 2.5)
      omniauth (~> 1.6)
      openid_connect (~> 2.2.0)

GIT
  remote: https://github.com/opf/omniauth-openid_connect-providers.git
  revision: 7559f44e70203f94572a90e1b4d1d1f8279cd40f
  ref: 7559f44e70203f94572a90e1b4d1d1f8279cd40f
  specs:
    omniauth-openid_connect-providers (0.2.0)
      omniauth-openid-connect (>= 0.2.1)

PATH
  remote: modules/auth_plugins
  specs:
    openproject-auth_plugins (1.0.0)
      omniauth (~> 1.0)

PATH
  remote: modules/auth_saml
  specs:
    openproject-auth_saml (1.0.0)
      omniauth-saml (~> 1.10.1)

PATH
  remote: modules/avatars
  specs:
    openproject-avatars (1.0.0)
      fastimage (~> 2.2.0)
      gravatar_image_tag (~> 1.2.0)

PATH
  remote: modules/backlogs
  specs:
    openproject-backlogs (1.0.0)
      acts_as_list (~> 1.1.0)

PATH
  remote: modules/bim
  specs:
    openproject-bim (1.0.0)
      activerecord-import
      rubyzip (~> 2.3.0)

PATH
  remote: modules/boards
  specs:
    openproject-boards (1.0.0)

PATH
  remote: modules/budgets
  specs:
    budgets (1.0.0)

PATH
  remote: modules/calendar
  specs:
    openproject-calendar (1.0.0)
      icalendar (~> 2.9.0)

PATH
  remote: modules/costs
  specs:
    costs (1.0.0)

PATH
  remote: modules/dashboards
  specs:
    dashboards (1.0.0)
      grids

PATH
  remote: modules/documents
  specs:
    openproject-documents (1.0.0)

PATH
  remote: modules/github_integration
  specs:
    openproject-github_integration (1.0.0)
      openproject-webhooks

PATH
  remote: modules/grids
  specs:
    grids (1.0.0)

PATH
  remote: modules/job_status
  specs:
    openproject-job_status (1.0.0)

PATH
  remote: modules/ldap_groups
  specs:
    openproject-ldap_groups (1.0.0)

PATH
  remote: modules/meeting
  specs:
    openproject-meeting (1.0.0)
      icalendar (~> 2.9.0)

PATH
  remote: modules/my_page
  specs:
    my_page (1.0.0)
      grids

PATH
  remote: modules/openid_connect
  specs:
    openproject-openid_connect (1.0.0)
      lobby_boy (~> 0.1.3)
      omniauth-openid_connect-providers (~> 0.1)
      openproject-auth_plugins

PATH
  remote: modules/overviews
  specs:
    overviews (1.0.0)
      grids

PATH
  remote: modules/recaptcha
  specs:
    openproject-recaptcha (1.0.0)
      recaptcha (~> 5.7)

PATH
  remote: modules/reporting
  specs:
    openproject-reporting (1.0.0)
      costs

PATH
  remote: modules/storages
  specs:
    openproject-storages (1.0.0)

PATH
  remote: modules/team_planner
  specs:
    openproject-team_planner (1.0.0)

PATH
  remote: modules/two_factor_authentication
  specs:
    openproject-two_factor_authentication (1.0.0)
      aws-sdk-sns (~> 1.67.0)
      messagebird-rest (~> 1.4.2)
      rotp (~> 6.1)

PATH
  remote: modules/webhooks
  specs:
    openproject-webhooks (1.0.0)

PATH
  remote: modules/xls_export
  specs:
    openproject-xls_export (1.0.0)
      spreadsheet (~> 1.3.0)

GEM
  remote: https://rubygems.org/
  specs:
    Ascii85 (1.1.0)
    actioncable (7.0.8)
      actionpack (= 7.0.8)
      activesupport (= 7.0.8)
      nio4r (~> 2.0)
      websocket-driver (>= 0.6.1)
    actionmailbox (7.0.8)
      actionpack (= 7.0.8)
      activejob (= 7.0.8)
      activerecord (= 7.0.8)
      activestorage (= 7.0.8)
      activesupport (= 7.0.8)
      mail (>= 2.7.1)
      net-imap
      net-pop
      net-smtp
    actionmailer (7.0.8)
      actionpack (= 7.0.8)
      actionview (= 7.0.8)
      activejob (= 7.0.8)
      activesupport (= 7.0.8)
      mail (~> 2.5, >= 2.5.4)
      net-imap
      net-pop
      net-smtp
      rails-dom-testing (~> 2.0)
    actionpack (7.0.8)
      actionview (= 7.0.8)
      activesupport (= 7.0.8)
      rack (~> 2.0, >= 2.2.4)
      rack-test (>= 0.6.3)
      rails-dom-testing (~> 2.0)
      rails-html-sanitizer (~> 1.0, >= 1.2.0)
    actionpack-xml_parser (2.0.1)
      actionpack (>= 5.0)
      railties (>= 5.0)
    actiontext (7.0.8)
      actionpack (= 7.0.8)
      activerecord (= 7.0.8)
      activestorage (= 7.0.8)
      activesupport (= 7.0.8)
      globalid (>= 0.6.0)
      nokogiri (>= 1.8.5)
    actionview (7.0.8)
      activesupport (= 7.0.8)
      builder (~> 3.1)
      erubi (~> 1.4)
      rails-dom-testing (~> 2.0)
      rails-html-sanitizer (~> 1.1, >= 1.2.0)
    activejob (7.0.8)
      activesupport (= 7.0.8)
      globalid (>= 0.3.6)
    activemodel (7.0.8)
      activesupport (= 7.0.8)
    activemodel-serializers-xml (1.0.2)
      activemodel (> 5.x)
      activesupport (> 5.x)
      builder (~> 3.1)
    activerecord (7.0.8)
      activemodel (= 7.0.8)
      activesupport (= 7.0.8)
    activerecord-import (1.5.0)
      activerecord (>= 4.2)
    activerecord-nulldb-adapter (0.9.0)
      activerecord (>= 5.2.0, < 7.1)
    activerecord-session_store (2.1.0)
      actionpack (>= 6.1)
      activerecord (>= 6.1)
      cgi (>= 0.3.6)
      multi_json (~> 1.11, >= 1.11.2)
      rack (>= 2.0.8, < 4)
      railties (>= 6.1)
    activestorage (7.0.8)
      actionpack (= 7.0.8)
      activejob (= 7.0.8)
      activerecord (= 7.0.8)
      activesupport (= 7.0.8)
      marcel (~> 1.0)
      mini_mime (>= 1.1.0)
    activesupport (7.0.8)
      concurrent-ruby (~> 1.0, >= 1.0.2)
      i18n (>= 1.6, < 2)
      minitest (>= 5.1)
      tzinfo (~> 2.0)
    acts_as_list (1.1.0)
      activerecord (>= 4.2)
    acts_as_tree (2.9.1)
      activerecord (>= 3.0.0)
    addressable (2.8.5)
      public_suffix (>= 2.0.2, < 6.0)
    aes_key_wrap (1.1.0)
    afm (0.2.2)
    airbrake (13.0.3)
      airbrake-ruby (~> 6.0)
    airbrake-ruby (6.2.2)
      rbtree3 (~> 0.6)
    appsignal (3.4.13)
      rack
    ast (2.4.2)
    attr_required (1.0.1)
    auto_strip_attributes (2.6.0)
      activerecord (>= 4.0)
    awesome_nested_set (3.6.0)
      activerecord (>= 4.0.0, < 7.2)
    aws-eventstream (1.2.0)
    aws-partitions (1.834.0)
    aws-sdk-core (3.185.1)
      aws-eventstream (~> 1, >= 1.0.2)
      aws-partitions (~> 1, >= 1.651.0)
      aws-sigv4 (~> 1.5)
      jmespath (~> 1, >= 1.6.1)
    aws-sdk-kms (1.72.0)
      aws-sdk-core (~> 3, >= 3.184.0)
      aws-sigv4 (~> 1.1)
    aws-sdk-s3 (1.136.0)
      aws-sdk-core (~> 3, >= 3.181.0)
      aws-sdk-kms (~> 1)
      aws-sigv4 (~> 1.6)
    aws-sdk-sns (1.67.0)
      aws-sdk-core (~> 3, >= 3.184.0)
      aws-sigv4 (~> 1.1)
    aws-sigv4 (1.6.0)
      aws-eventstream (~> 1, >= 1.0.2)
    base64 (0.1.1)
    bcrypt (3.1.19)
    better_html (2.0.2)
      actionview (>= 6.0)
      activesupport (>= 6.0)
      ast (~> 2.0)
      erubi (~> 1.4)
      parser (>= 2.4)
      smart_properties
    bindata (2.4.15)
    bootsnap (1.16.0)
      msgpack (~> 1.2)
    brakeman (6.0.1)
    browser (5.3.1)
    builder (3.2.4)
    byebug (11.1.3)
    capybara (3.39.2)
      addressable
      matrix
      mini_mime (>= 0.1.3)
      nokogiri (~> 1.8)
      rack (>= 1.6.0)
      rack-test (>= 0.6.3)
      regexp_parser (>= 1.5, < 3.0)
      xpath (~> 3.2)
    capybara-screenshot (1.0.26)
      capybara (>= 1.0, < 4)
      launchy
    carrierwave (1.3.2)
      activemodel (>= 4.0.0)
      activesupport (>= 4.0.0)
      mime-types (>= 1.16)
      ssrf_filter (~> 1.0)
    carrierwave_direct (2.1.0)
      carrierwave (>= 1.0.0)
      fog-aws
    cgi (0.3.6)
    climate_control (1.2.0)
    closure_tree (7.4.0)
      activerecord (>= 4.2.10)
      with_advisory_lock (>= 4.0.0)
    coderay (1.1.3)
    colored2 (4.0.0)
    commonmarker (0.23.10)
    compare-xml (0.66)
      nokogiri (~> 1.8)
    concurrent-ruby (1.2.2)
    cookiejar (0.3.3)
    crack (0.4.5)
      rexml
    crass (1.0.6)
    css_parser (1.16.0)
      addressable
    cuprite (0.14.3)
      capybara (~> 3.0)
      ferrum (~> 0.13.0)
    daemons (1.4.1)
    dalli (3.2.6)
    date (3.3.3)
    date_validator (0.12.0)
      activemodel (>= 3)
      activesupport (>= 3)
    debug (1.8.0)
      irb (>= 1.5.0)
      reline (>= 0.3.1)
    deckar01-task_list (2.3.3)
      html-pipeline
    declarative (0.0.20)
    delayed_cron_job (0.9.0)
      fugit (>= 1.5)
    delayed_job (4.1.11)
      activesupport (>= 3.0, < 8.0)
    delayed_job_active_record (4.1.7)
      activerecord (>= 3.0, < 8.0)
      delayed_job (>= 3.0, < 5)
    diff-lcs (1.5.0)
    disposable (0.6.3)
      declarative (>= 0.0.9, < 1.0.0)
      representable (>= 3.1.1, < 4)
    doorkeeper (5.6.6)
      railties (>= 5)
    dotenv (2.8.1)
    dotenv-rails (2.8.1)
      dotenv (= 2.8.1)
      railties (>= 3.2)
    dry-container (0.11.0)
      concurrent-ruby (~> 1.0)
    dry-core (1.0.1)
      concurrent-ruby (~> 1.0)
      zeitwerk (~> 2.6)
    dry-inflector (1.0.0)
    dry-logic (1.5.0)
      concurrent-ruby (~> 1.0)
      dry-core (~> 1.0, < 2)
      zeitwerk (~> 2.6)
    dry-types (1.7.1)
      concurrent-ruby (~> 1.0)
      dry-core (~> 1.0)
      dry-inflector (~> 1.0)
      dry-logic (~> 1.4)
      zeitwerk (~> 2.6)
    em-http-request (1.1.7)
      addressable (>= 2.3.4)
      cookiejar (!= 0.3.1)
      em-socksify (>= 0.3)
      eventmachine (>= 1.0.3)
      http_parser.rb (>= 0.6.0)
    em-socksify (0.3.2)
      eventmachine (>= 1.0.0.beta.4)
    em-synchrony (1.0.6)
      eventmachine (>= 1.0.0.beta.1)
    email_validator (2.2.4)
      activemodel
    equivalent-xml (0.6.0)
      nokogiri (>= 1.4.3)
    erb_lint (0.5.0)
      activesupport
      better_html (>= 2.0.1)
      parser (>= 2.7.1.4)
      rainbow
      rubocop
      smart_properties
    erblint-github (0.5.0)
    erubi (1.12.0)
    escape_utils (1.3.0)
    et-orbi (1.2.7)
      tzinfo
    eventmachine (1.2.7)
    eventmachine_httpserver (0.2.1)
    excon (0.104.0)
    factory_bot (6.2.1)
      activesupport (>= 5.0.0)
    factory_bot_rails (6.2.0)
      factory_bot (~> 6.2.0)
      railties (>= 5.0.0)
    faraday (2.7.11)
      base64
      faraday-net_http (>= 2.0, < 3.1)
      ruby2_keywords (>= 0.0.4)
    faraday-follow_redirects (0.3.0)
      faraday (>= 1, < 3)
    faraday-net_http (3.0.2)
    fastimage (2.2.7)
    ferrum (0.13)
      addressable (~> 2.5)
      concurrent-ruby (~> 1.1)
      webrick (~> 1.7)
      websocket-driver (>= 0.6, < 0.8)
    ffi (1.16.3)
    flamegraph (0.9.5)
    fog-aws (3.21.0)
      fog-core (~> 2.1)
      fog-json (~> 1.1)
      fog-xml (~> 0.1)
    fog-core (2.3.0)
      builder
      excon (~> 0.71)
      formatador (>= 0.2, < 2.0)
      mime-types
    fog-json (1.2.0)
      fog-core
      multi_json (~> 1.10)
    fog-xml (0.1.4)
      fog-core
      nokogiri (>= 1.5.11, < 2.0.0)
    formatador (1.1.0)
    friendly_id (5.5.0)
      activerecord (>= 4.0.0)
    front_matter_parser (1.0.1)
    fugit (1.8.1)
      et-orbi (~> 1, >= 1.2.7)
      raabro (~> 1.4)
    fuubar (2.5.1)
      rspec-core (~> 3.0)
      ruby-progressbar (~> 1.4)
    glob (0.4.0)
    globalid (1.2.1)
      activesupport (>= 6.1)
    gon (6.4.0)
      actionpack (>= 3.0.20)
      i18n (>= 0.7)
      multi_json
      request_store (>= 1.0)
    google-apis-core (0.11.1)
      addressable (~> 2.5, >= 2.5.1)
      googleauth (>= 0.16.2, < 2.a)
      httpclient (>= 2.8.1, < 3.a)
      mini_mime (~> 1.0)
      representable (~> 3.0)
      retriable (>= 2.0, < 4.a)
      rexml
      webrick
    google-apis-gmail_v1 (0.34.0)
      google-apis-core (>= 0.11.0, < 2.a)
    googleauth (1.8.1)
      faraday (>= 0.17.3, < 3.a)
      jwt (>= 1.4, < 3.0)
      multi_json (~> 1.11)
      os (>= 0.9, < 2.0)
      signet (>= 0.16, < 2.a)
    grape (1.8.0)
      activesupport (>= 5)
      builder
      dry-types (>= 1.1)
      mustermann-grape (~> 1.0.0)
      rack (>= 1.3.0)
      rack-accept
    grape_logging (1.8.4)
      grape
      rack
    gravatar_image_tag (1.2.0)
    hana (1.3.7)
    hashdiff (1.0.1)
    hashery (2.1.2)
    hashie (3.6.0)
    html-pipeline (2.14.3)
      activesupport (>= 2)
      nokogiri (>= 1.4)
    htmlbeautifier (1.4.2)
    htmldiff (0.0.1)
    htmlentities (4.3.4)
    http_parser.rb (0.6.0)
    httpclient (2.8.3)
    i18n (1.14.1)
      concurrent-ruby (~> 1.0)
    i18n-js (4.2.3)
      glob (>= 0.4.0)
      i18n
    icalendar (2.9.0)
      ice_cube (~> 0.16)
    ice_cube (0.16.4)
    interception (0.5)
    io-console (0.6.0)
    irb (1.8.1)
      rdoc
      reline (>= 0.3.8)
    iso8601 (0.13.0)
    jmespath (1.6.2)
    json (2.6.3)
    json-jwt (1.16.3)
      activesupport (>= 4.2)
      aes_key_wrap
      bindata
      faraday (~> 2.0)
      faraday-follow_redirects
    json-schema (4.1.1)
      addressable (>= 2.8)
    json_schemer (2.0.0)
      hana (~> 1.3)
      regexp_parser (~> 2.0)
      simpleidn (~> 0.2)
    json_spec (1.1.5)
      multi_json (~> 1.0)
      rspec (>= 2.0, < 4.0)
    jwt (2.7.1)
    ladle (1.0.1)
      open4 (~> 1.0)
    language_server-protocol (3.17.0.3)
    launchy (2.5.2)
      addressable (~> 2.8)
    lefthook (1.5.2)
    letter_opener (1.8.1)
      launchy (>= 2.2, < 3)
    listen (3.8.0)
      rb-fsevent (~> 0.10, >= 0.10.3)
      rb-inotify (~> 0.9, >= 0.9.10)
    lobby_boy (0.1.3)
      omniauth (~> 1.1)
      omniauth-openid-connect (>= 0.2.1)
      rails (>= 3.2.21)
    lograge (0.13.0)
      actionpack (>= 4)
      activesupport (>= 4)
      railties (>= 4)
      request_store (~> 1.0)
    loofah (2.21.3)
      crass (~> 1.0.2)
      nokogiri (>= 1.12.0)
    lookbook (2.1.1)
      activemodel
      css_parser
      htmlbeautifier (~> 1.3)
      htmlentities (~> 4.3.4)
      marcel (~> 1.0)
      railties (>= 5.0)
      redcarpet (~> 3.5)
      rouge (>= 3.26, < 5.0)
      view_component (>= 2.0)
      yard (~> 0.9.25)
      zeitwerk (~> 2.5)
    mail (2.8.1)
      mini_mime (>= 0.1.1)
      net-imap
      net-pop
      net-smtp
    marcel (1.0.2)
    matrix (0.4.2)
    messagebird-rest (1.4.2)
    meta-tags (2.19.0)
      actionpack (>= 3.2.0, < 7.2)
    method_source (1.0.0)
    mime-types (3.5.1)
      mime-types-data (~> 3.2015)
    mime-types-data (3.2023.1003)
    mini_magick (4.12.0)
    mini_mime (1.1.5)
    mini_portile2 (2.8.4)
    minitest (5.20.0)
    msgpack (1.7.2)
    multi_json (1.15.0)
    mustermann (3.0.0)
      ruby2_keywords (~> 0.0.1)
    mustermann-grape (1.0.2)
      mustermann (>= 1.0.0)
    net-imap (0.4.0)
      date
      net-protocol
    net-ldap (0.18.0)
    net-pop (0.1.2)
      net-protocol
    net-protocol (0.2.1)
      timeout
    net-smtp (0.4.0)
      net-protocol
    nio4r (2.5.9)
    nokogiri (1.15.4)
      mini_portile2 (~> 2.8.2)
      racc (~> 1.4)
    oj (3.16.1)
    okcomputer (1.18.4)
    omniauth-saml (1.10.3)
      omniauth (~> 1.3, >= 1.3.2)
      ruby-saml (~> 1.9)
    open4 (1.3.4)
    openid_connect (2.2.0)
      activemodel
      attr_required (>= 1.0.0)
      faraday (~> 2.0)
      faraday-follow_redirects
      json-jwt (>= 1.16)
      net-smtp
      rack-oauth2 (~> 2.2)
      swd (~> 2.0)
      tzinfo
      validate_email
      validate_url
      webfinger (~> 2.0)
    openproject-octicons (19.7.0)
    openproject-octicons_helper (19.7.0)
      actionview
      openproject-octicons (= 19.7.0)
      railties
    openproject-primer_view_components (0.12.1)
      actionview (>= 5.0.0)
      activesupport (>= 5.0.0)
      openproject-octicons (>= 19.7.0)
      view_component (>= 3.1, < 4.0)
    openproject-token (3.0.1)
      activemodel
    os (1.1.4)
    ox (2.14.17)
    paper_trail (12.3.0)
      activerecord (>= 5.2)
      request_store (~> 1.1)
    parallel (1.23.0)
    parallel_tests (4.3.0)
      parallel
    parser (3.2.2.4)
      ast (~> 2.4.1)
      racc
    pdf-core (0.9.0)
    pdf-inspector (1.3.0)
      pdf-reader (>= 1.0, < 3.0.a)
    pdf-reader (2.11.0)
      Ascii85 (~> 1.0)
      afm (~> 0.2.1)
      hashery (~> 2.0)
      ruby-rc4
      ttfunk
    pg (1.5.4)
    plaintext (0.3.4)
      activesupport (> 2.2.1)
      nokogiri (~> 1.10, >= 1.10.4)
      rubyzip (>= 1.2.0)
    prawn (2.4.0)
      pdf-core (~> 0.9.0)
      ttfunk (~> 1.7)
    prawn-table (0.2.2)
      prawn (>= 1.3.0, < 3.0.0)
    pry (0.14.2)
      coderay (~> 1.1)
      method_source (~> 1.0)
    pry-byebug (3.10.1)
      byebug (~> 11.0)
      pry (>= 0.13, < 0.15)
    pry-rails (0.3.9)
      pry (>= 0.10.4)
    pry-rescue (1.5.2)
      interception (>= 0.5)
      pry (>= 0.12.0)
    psych (5.1.0)
      stringio
    public_suffix (5.0.3)
    puffing-billy (4.0.0)
      addressable (~> 2.5)
      em-http-request (~> 1.1, >= 1.1.0)
      em-synchrony
      eventmachine (~> 1.2)
      eventmachine_httpserver
      http_parser.rb (~> 0.6.0)
      multi_json
    puma (6.4.0)
      nio4r (~> 2.0)
    puma-plugin-statsd (2.5.0)
      puma (>= 5.0, < 7)
    raabro (1.4.0)
    racc (1.7.1)
    rack (2.2.8)
    rack-accept (0.4.5)
      rack (>= 0.4)
    rack-attack (6.7.0)
      rack (>= 1.0, < 4)
    rack-cors (2.0.1)
      rack (>= 2.0.0)
    rack-mini-profiler (3.1.1)
      rack (>= 1.2.0)
    rack-oauth2 (2.2.0)
      activesupport
      attr_required
      faraday (~> 2.0)
      faraday-follow_redirects
      json-jwt (>= 1.11.0)
      rack (>= 2.1.0)
    rack-protection (3.1.0)
      rack (~> 2.2, >= 2.2.4)
    rack-test (2.1.0)
      rack (>= 1.3)
    rack-timeout (0.6.3)
    rack_session_access (0.2.0)
      builder (>= 2.0.0)
      rack (>= 1.0.0)
    rails (7.0.8)
      actioncable (= 7.0.8)
      actionmailbox (= 7.0.8)
      actionmailer (= 7.0.8)
      actionpack (= 7.0.8)
      actiontext (= 7.0.8)
      actionview (= 7.0.8)
      activejob (= 7.0.8)
      activemodel (= 7.0.8)
      activerecord (= 7.0.8)
      activestorage (= 7.0.8)
      activesupport (= 7.0.8)
      bundler (>= 1.15.0)
      railties (= 7.0.8)
    rails-controller-testing (1.0.5)
      actionpack (>= 5.0.1.rc1)
      actionview (>= 5.0.1.rc1)
      activesupport (>= 5.0.1.rc1)
    rails-dom-testing (2.2.0)
      activesupport (>= 5.0.0)
      minitest
      nokogiri (>= 1.6)
    rails-html-sanitizer (1.6.0)
      loofah (~> 2.21)
      nokogiri (~> 1.14)
    rails-i18n (7.0.8)
      i18n (>= 0.7, < 2)
      railties (>= 6.0.0, < 8)
    railties (7.0.8)
      actionpack (= 7.0.8)
      activesupport (= 7.0.8)
      method_source
      rake (>= 12.2)
      thor (~> 1.0)
      zeitwerk (~> 2.5)
    rainbow (3.1.1)
    rake (13.0.6)
    rb-fsevent (0.11.2)
    rb-inotify (0.10.1)
      ffi (~> 1.0)
    rbtree3 (0.7.1)
    rdoc (6.5.0)
      psych (>= 4.0.0)
    recaptcha (5.15.0)
    redcarpet (3.6.0)
    regexp_parser (2.8.1)
    reline (0.3.9)
      io-console (~> 0.5)
    representable (3.2.0)
      declarative (< 0.1.0)
      trailblazer-option (>= 0.1.1, < 0.2.0)
      uber (< 0.2.0)
    request_store (1.5.1)
      rack (>= 1.4)
    responders (3.1.0)
      actionpack (>= 5.2)
      railties (>= 5.2)
    retriable (3.1.2)
    rexml (3.2.6)
    rinku (2.0.6)
    roar (1.2.0)
      representable (~> 3.1)
    rotp (6.3.0)
    rouge (4.1.3)
    rspec (3.12.0)
      rspec-core (~> 3.12.0)
      rspec-expectations (~> 3.12.0)
      rspec-mocks (~> 3.12.0)
    rspec-core (3.12.2)
      rspec-support (~> 3.12.0)
    rspec-expectations (3.12.3)
      diff-lcs (>= 1.2.0, < 2.0)
      rspec-support (~> 3.12.0)
    rspec-mocks (3.12.6)
      diff-lcs (>= 1.2.0, < 2.0)
      rspec-support (~> 3.12.0)
    rspec-rails (6.0.3)
      actionpack (>= 6.1)
      activesupport (>= 6.1)
      railties (>= 6.1)
      rspec-core (~> 3.12)
      rspec-expectations (~> 3.12)
      rspec-mocks (~> 3.12)
      rspec-support (~> 3.12)
    rspec-retry (0.6.2)
      rspec-core (> 3.3)
    rspec-support (3.12.1)
    rubocop (1.56.4)
      base64 (~> 0.1.1)
      json (~> 2.3)
      language_server-protocol (>= 3.17.0)
      parallel (~> 1.10)
      parser (>= 3.2.2.3)
      rainbow (>= 2.2.2, < 4.0)
      regexp_parser (>= 1.8, < 3.0)
      rexml (>= 3.2.5, < 4.0)
      rubocop-ast (>= 1.28.1, < 2.0)
      ruby-progressbar (~> 1.7)
      unicode-display_width (>= 2.4.0, < 3.0)
    rubocop-ast (1.29.0)
      parser (>= 3.2.1.0)
    rubocop-capybara (2.19.0)
      rubocop (~> 1.41)
    rubocop-factory_bot (2.24.0)
      rubocop (~> 1.33)
    rubocop-inflector (0.2.1)
      activesupport
      rubocop
      rubocop-rspec
    rubocop-performance (1.19.1)
      rubocop (>= 1.7.0, < 2.0)
      rubocop-ast (>= 0.4.0)
    rubocop-rails (2.21.2)
      activesupport (>= 4.2.0)
      rack (>= 1.1)
      rubocop (>= 1.33.0, < 2.0)
    rubocop-rspec (2.24.1)
      rubocop (~> 1.33)
      rubocop-capybara (~> 2.17)
      rubocop-factory_bot (~> 2.22)
    ruby-duration (3.2.3)
      activesupport (>= 3.0.0)
      i18n
      iso8601
    ruby-ole (1.2.12.2)
    ruby-prof (1.6.3)
    ruby-progressbar (1.13.0)
    ruby-rc4 (0.1.5)
    ruby-saml (1.15.0)
      nokogiri (>= 1.13.10)
      rexml
    ruby2_keywords (0.0.5)
    rubytree (2.0.2)
      json (~> 2.0, > 2.3.1)
    rubyzip (2.3.2)
    sanitize (6.1.0)
      crass (~> 1.0.2)
      nokogiri (>= 1.12.0)
    secure_headers (6.5.0)
    selenium-webdriver (4.13.1)
      rexml (~> 3.2, >= 3.2.5)
      rubyzip (>= 1.2.2, < 3.0)
      websocket (~> 1.0)
    semantic (1.6.1)
    shoulda-context (2.0.0)
    shoulda-matchers (5.3.0)
      activesupport (>= 5.2.0)
    signet (0.18.0)
      addressable (~> 2.8)
      faraday (>= 0.17.5, < 3.a)
      jwt (>= 1.5, < 3.0)
      multi_json (~> 1.10)
    simpleidn (0.2.1)
      unf (~> 0.1.4)
    smart_properties (1.17.0)
    spreadsheet (1.3.0)
      ruby-ole
    spring (4.1.1)
    spring-commands-rspec (1.0.4)
      spring (>= 0.9.1)
    spring-commands-rubocop (0.4.0)
      spring (>= 1.0)
    sprockets (3.7.2)
      concurrent-ruby (~> 1.0)
      rack (> 1, < 3)
    sprockets-rails (3.4.2)
      actionpack (>= 5.2)
      activesupport (>= 5.2)
      sprockets (>= 3.0.0)
    ssrf_filter (1.1.2)
    stackprof (0.2.25)
    store_attribute (1.1.1)
      activerecord (>= 6.0)
    stringex (2.8.6)
    stringio (3.0.8)
    structured_warnings (0.4.0)
    svg-graph (2.2.2)
    swd (2.0.2)
      activesupport (>= 3)
      attr_required (>= 0.0.5)
      faraday (~> 2.0)
      faraday-follow_redirects
    sys-filesystem (1.4.4)
      ffi (~> 1.1)
    table_print (1.5.7)
    test-prof (1.2.3)
    text-hyphen (1.5.0)
    thor (1.2.2)
    timecop (0.9.8)
    timeout (0.4.0)
    trailblazer-option (0.1.2)
    ttfunk (1.7.0)
    turbo-rails (1.4.0)
      actionpack (>= 6.0.0)
      activejob (>= 6.0.0)
      railties (>= 6.0.0)
    typed_dag (2.0.2)
      rails (>= 5.0.4)
    tzinfo (2.0.6)
      concurrent-ruby (~> 1.0)
    tzinfo-data (1.2023.3)
      tzinfo (>= 1.0.0)
    uber (0.1.0)
    unf (0.1.4)
      unf_ext
    unf_ext (0.0.8.2)
    unicode-display_width (2.5.0)
    validate_email (0.1.6)
      activemodel (>= 3.0)
      mail (>= 2.2.5)
    validate_url (1.0.15)
      activemodel (>= 3.0.0)
      public_suffix
    vcr (6.2.0)
    view_component (3.6.0)
      activesupport (>= 5.2.0, < 8.0)
      concurrent-ruby (~> 1.0)
      method_source (~> 1.0)
    warden (1.2.9)
      rack (>= 2.0.9)
    warden-basic_auth (0.2.1)
      warden (~> 1.2)
    webfinger (2.1.2)
      activesupport
      faraday (~> 2.0)
      faraday-follow_redirects
    webmock (3.19.1)
      addressable (>= 2.8.0)
      crack (>= 0.3.2)
      hashdiff (>= 0.4.0, < 2.0.0)
    webrick (1.8.1)
    websocket (1.2.10)
    websocket-driver (0.7.6)
      websocket-extensions (>= 0.1.0)
    websocket-extensions (0.1.5)
    will_paginate (4.0.0)
    with_advisory_lock (4.6.0)
      activerecord (>= 4.2)
    xpath (3.2.0)
      nokogiri (~> 1.8)
    yard (0.9.34)
    zeitwerk (2.6.12)

PLATFORMS
  ruby

DEPENDENCIES
  actionpack-xml_parser (~> 2.0.0)
  activemodel-serializers-xml (~> 1.0.1)
  activerecord-import (~> 1.5.0)
  activerecord-nulldb-adapter (~> 0.9.0)
  activerecord-session_store (~> 2.1.0)
  acts_as_list (~> 1.1.0)
  acts_as_tree (~> 2.9.0)
  addressable (~> 2.8.0)
  airbrake (~> 13.0.0)
  appsignal (~> 3.0)
  auto_strip_attributes (~> 2.5)
  awesome_nested_set (~> 3.6.0)
  aws-sdk-core (~> 3.107)
  aws-sdk-s3 (~> 1.91)
  bcrypt (~> 3.1.6)
  bootsnap (~> 1.16.0)
  brakeman (~> 6.0.0)
  browser (~> 5.3.0)
  budgets!
  capybara (~> 3.39.0)
  capybara-screenshot (~> 1.0.17)
  carrierwave (~> 1.3.1)
  carrierwave_direct (~> 2.1.0)
  climate_control
  closure_tree (~> 7.4.0)
  colored2
  commonmarker (~> 0.23.9)
  compare-xml (~> 0.66)
  costs!
  cuprite (~> 0.14.3)
  daemons
  dalli (~> 3.2.0)
  dashboards!
  date_validator (~> 0.12.0)
  debug
  deckar01-task_list (~> 2.3.1)
  delayed_cron_job (~> 0.9.0)
  delayed_job_active_record (~> 4.1.5)
  disposable (~> 0.6.2)
  doorkeeper (~> 5.6.6)
  dotenv-rails
  dry-container
  email_validator (~> 2.2.3)
  equivalent-xml (~> 0.6)
  erb_lint
  erblint-github
  escape_utils (~> 1.3)
  factory_bot (~> 6.2.0)
  factory_bot_rails (~> 6.2.0)
  ffi (~> 1.15)
  flamegraph
  fog-aws
  friendly_id (~> 5.5.0)
  fuubar (~> 2.5.0)
  gon (~> 6.4.0)
  google-apis-gmail_v1
  googleauth
  grape (~> 1.8.0)
  grape_logging (~> 1.8.4)
  grids!
  html-pipeline (~> 2.14.0)
  htmldiff
  i18n-js (~> 4.2.3)
  json_schemer (~> 2.0.0)
  json_spec (~> 1.1.4)
  ladle
  launchy (~> 2.5.0)
  lefthook
  letter_opener
  listen (~> 3.8.0)
  lograge (~> 0.13.0)
  lookbook (~> 2.1.0)
  mail (= 2.8.1)
  matrix (~> 0.4.2)
  md_to_pdf!
  meta-tags (~> 2.19.0)
  mini_magick (~> 4.12.0)
  multi_json (~> 1.15.0)
  my_page!
  net-ldap (~> 0.18.0)
  nokogiri (~> 1.15.1)
  oj (~> 3.16.0)
  okcomputer (~> 1.18.1)
  omniauth!
  omniauth-openid-connect!
  omniauth-openid_connect-providers!
  omniauth-saml (~> 1.10.1)
  openproject-auth_plugins!
  openproject-auth_saml!
  openproject-avatars!
  openproject-backlogs!
  openproject-bim!
  openproject-boards!
  openproject-calendar!
  openproject-documents!
  openproject-github_integration!
  openproject-job_status!
  openproject-ldap_groups!
  openproject-meeting!
  openproject-octicons (~> 19.7.0)
  openproject-octicons_helper (~> 19.7.0)
  openproject-openid_connect!
  openproject-primer_view_components (~> 0.12.1)
  openproject-recaptcha!
  openproject-reporting!
  openproject-storages!
  openproject-team_planner!
  openproject-token (~> 3.0.1)
  openproject-two_factor_authentication!
  openproject-webhooks!
  openproject-xls_export!
  overviews!
  ox
  paper_trail (~> 12.3)
  parallel_tests (~> 4.0)
  pdf-inspector (~> 1.2)
  pg (~> 1.5.0)
  plaintext (~> 0.3.2)
  prawn (~> 2.4)
  pry-byebug (~> 3.10.0)
  pry-rails (~> 0.3.6)
  pry-rescue (~> 1.5.2)
  puffing-billy (~> 4.0.0)
  puma (~> 6.3, >= 6.3.1)
  puma-plugin-statsd (~> 2.0)
  rack-attack (~> 6.7.0)
  rack-cors (~> 2.0.0)
  rack-mini-profiler
  rack-protection (~> 3.1.0)
  rack-test (~> 2.1.0)
  rack-timeout (~> 0.6.3)
  rack_session_access
  rails (~> 7.0, >= 7.0.3.1)
  rails-controller-testing (~> 1.0.2)
  rails-i18n (~> 7.0.0)
  rdoc (>= 2.4.2)
  request_store (~> 1.5.0)
  responders (~> 3.0)
  retriable (~> 3.1.1)
  rinku (~> 2.0.4)
  roar (~> 1.2.0)
  rouge (~> 4.1.0)
  rspec (~> 3.12.0)
  rspec-rails (~> 6.0.0)
  rspec-retry (~> 0.6.1)
  rubocop
  rubocop-inflector
  rubocop-performance
  rubocop-rails
  rubocop-rspec
  ruby-duration (~> 3.2.0)
  ruby-prof
  ruby-progressbar (~> 1.13.0)
  rubytree (~> 2.0.0)
  sanitize (~> 6.1.0)
  secure_headers (~> 6.5.0)
  selenium-webdriver (~> 4.13.0)
  semantic (~> 1.6.1)
  shoulda-context (~> 2.0)
  shoulda-matchers (~> 5.0)
  spring
  spring-commands-rspec
  spring-commands-rubocop
  sprockets (~> 3.7.2)
  sprockets-rails (~> 3.4.2)
  stackprof
  store_attribute (~> 1.0)
  stringex (~> 2.8.5)
  structured_warnings (~> 0.4.0)
  svg-graph (~> 2.2.0)
  sys-filesystem (~> 1.4.0)
  table_print (~> 1.5.6)
  test-prof (~> 1.2.0)
  timecop (~> 0.9.0)
  turbo-rails (~> 1.1)
  turbo_tests!
  typed_dag (~> 2.0.2)
  tzinfo-data (~> 1.2023.1)
  validate_url
  vcr
  view_component
  warden (~> 1.2)
  warden-basic_auth (~> 0.2.1)
  webmock (~> 3.12)
  will_paginate (~> 4.0.0)
  with_advisory_lock (~> 4.6.0)

RUBY VERSION
   ruby 3.2.1p31

BUNDLED WITH
   2.4.7
